GIT
  remote: https://github.com/stormbreakerbg/vcs-toolkit.git
  revision: d7decde86487bea474aa98d6365a34e305afd97e
  specs:
    vcs_toolkit (0.0.1)
      diff-lcs

PATH
  remote: .
  specs:
    scv (0.0.1)
      gli
      vcs_toolkit

GEM
  remote: https://rubygems.org/
  specs:
    diff-lcs (1.2.5)
    fakefs (0.4.3)
    fuubar (1.3.2)
      rspec (>= 2.14.0, < 3.1.0)
      ruby-progressbar (~> 1.3)
    gli (2.8.1)
    rake (10.1.1)
    rspec (2.14.1)
      rspec-core (~> 2.14.0)
      rspec-expectations (~> 2.14.0)
      rspec-mocks (~> 2.14.0)
    rspec-core (2.14.7)
    rspec-expectations (2.14.4)
      diff-lcs (>= 1.1.3, < 2.0)
    rspec-mocks (2.14.4)
    ruby-progressbar (1.4.0)

PLATFORMS
  ruby
  x86-mingw32

DEPENDENCIES
  fakefs
  fuubar
  rake
  rspec
  scv!
  vcs_toolkit!
